PATH
  remote: .
  specs:
    acts_as_lockable_by (0.1.9)
      activesupport (>= 5, < 7)
      redis (~> 4)

GEM
  remote: https://rubygems.org/
  specs:
    activesupport (6.0.1)
      concurrent-ruby (~> 1.0, >= 1.0.2)
      i18n (>= 0.7, < 2)
      minitest (~> 5.1)
      tzinfo (~> 1.1)
      zeitwerk (~> 2.2)
    ast (2.4.0)
    awesome_print (1.8.0)
    backport (1.1.2)
    byebug (11.0.1)
    concurrent-ruby (1.1.5)
    diff-lcs (1.3)
    i18n (1.7.0)
      concurrent-ruby (~> 1.0)
    jaro_winkler (1.5.4)
    maruku (0.7.3)
    mini_portile2 (2.4.0)
    minitest (5.13.0)
    nokogiri (1.10.5)
      mini_portile2 (~> 2.4.0)
    parallel (1.19.1)
    parser (2.6.5.0)
      ast (~> 2.4.0)
    rainbow (3.0.0)
    rake (13.0.1)
    redis (4.1.3)
    reverse_markdown (1.3.0)
      nokogiri
    rspec (3.9.0)
      rspec-core (~> 3.9.0)
      rspec-expectations (~> 3.9.0)
      rspec-mocks (~> 3.9.0)
    rspec-core (3.9.0)
      rspec-support (~> 3.9.0)
    rspec-expectations (3.9.0)
      diff-lcs (>= 1.2.0, < 2.0)
      rspec-support (~> 3.9.0)
    rspec-mocks (3.9.0)
      diff-lcs (>= 1.2.0, < 2.0)
      rspec-support (~> 3.9.0)
    rspec-support (3.9.0)
    rubocop (0.75.1)
      jaro_winkler (~> 1.5.1)
      parallel (~> 1.10)
      parser (>= 2.6)
      rainbow (>= 2.2.2, < 4.0)
      ruby-progressbar (~> 1.7)
      unicode-display_width (>= 1.4.0, < 1.7)
    ruby-progressbar (1.10.1)
    solargraph (0.38.0)
      backport (~> 1.1)
      bundler (>= 1.17.2)
      jaro_winkler (~> 1.5)
      maruku (~> 0.7, >= 0.7.3)
      nokogiri (~> 1.9, >= 1.9.1)
      parser (~> 2.3)
      reverse_markdown (~> 1.0, >= 1.0.5)
      rubocop (~> 0.52)
      thor (~> 0.19, >= 0.19.4)
      tilt (~> 2.0)
      yard (~> 0.9)
    thor (0.20.3)
    thread_safe (0.3.6)
    tilt (2.0.10)
    tzinfo (1.2.5)
      thread_safe (~> 0.1)
    unicode-display_width (1.6.0)
    yard (0.9.20)
    zeitwerk (2.2.1)

PLATFORMS
  ruby

DEPENDENCIES
  acts_as_lockable_by!
  awesome_print (~> 1.8)
  bundler (~> 1.17.2)
  byebug (~> 11.0)
  rake (~> 13.0)
  rspec (~> 3.0)
  rubocop (~> 0.52)
  solargraph (~> 0.28)

BUNDLED WITH
   1.17.2
